PATH
  remote: .
  specs:
    hecks-active_model (0.1.0)
      activemodel
      hecks-app

GEM
  specs:
    activemodel (5.2.3)
      activesupport (= 5.2.3)
    activerecord (5.2.3)
      activemodel (= 5.2.3)
      activesupport (= 5.2.3)
      arel (>= 9.0)
    activesupport (5.2.3)
      concurrent-ruby (~> 1.0, >= 1.0.2)
      i18n (>= 0.7, < 2)
      minitest (~> 5.1)
      tzinfo (~> 1.1)
    arel (9.0.0)
    coderay (1.1.2)
    colorize (0.8.1)
    concurrent-ruby (1.1.5)
    erubis (2.7.0)
    hecks-app (0.1.0)
      activerecord
      hecks-domain
    hecks-domain (0.1.0)
      colorize
      erubis
      thor
    i18n (1.6.0)
      concurrent-ruby (~> 1.0)
    lean_coffee (0.1.0)
    method_source (0.9.2)
    minitest (5.11.3)
    pry (0.12.2)
      coderay (~> 1.1.0)
      method_source (~> 0.9.0)
    thor (0.20.3)
    thread_safe (0.3.6)
    tzinfo (1.2.5)
      thread_safe (~> 0.1)

PLATFORMS
  ruby

DEPENDENCIES
  hecks-active_model!
  lean_coffee
  pry

BUNDLED WITH
   2.0.2
