PATH
  remote: .
  specs:
    hecks-active_model (0.1.0)
      activemodel (~> 6.0)
      hecks-app (~> 0.1)

GEM
  specs:
    activemodel (6.0.0)
      activesupport (= 6.0.0)
    activerecord (6.0.0)
      activemodel (= 6.0.0)
      activesupport (= 6.0.0)
    activesupport (6.0.0)
      concurrent-ruby (~> 1.0, >= 1.0.2)
      i18n (>= 0.7, < 2)
      minitest (~> 5.1)
      tzinfo (~> 1.1)
      zeitwerk (~> 2.1, >= 2.1.8)
    coderay (1.1.2)
    colorize (0.8.1)
    concurrent-ruby (1.1.5)
    diff-lcs (1.3)
    erubis (2.7.0)
    hecks-app (0.1.0)
      activerecord (~> 6.0)
      hecks-domain (~> 0.1)
    hecks-domain (0.1.0)
      colorize (~> 0.8)
      erubis (~> 2.7)
      thor (~> 0.20)
    i18n (1.6.0)
      concurrent-ruby (~> 1.0)
    lean_coffee (0.1.0)
    method_source (0.9.2)
    minitest (5.11.3)
    pry (0.12.2)
      coderay (~> 1.1.0)
      method_source (~> 0.9.0)
    rspec (3.8.0)
      rspec-core (~> 3.8.0)
      rspec-expectations (~> 3.8.0)
      rspec-mocks (~> 3.8.0)
    rspec-core (3.8.2)
      rspec-support (~> 3.8.0)
    rspec-expectations (3.8.4)
      diff-lcs (>= 1.2.0, < 2.0)
      rspec-support (~> 3.8.0)
    rspec-mocks (3.8.1)
      diff-lcs (>= 1.2.0, < 2.0)
      rspec-support (~> 3.8.0)
    rspec-support (3.8.2)
    thor (0.20.3)
    thread_safe (0.3.6)
    tzinfo (1.2.5)
      thread_safe (~> 0.1)
    zeitwerk (2.1.10)

PLATFORMS
  ruby

DEPENDENCIES
  hecks-active_model!
  lean_coffee
  pry
  rspec

BUNDLED WITH
   2.0.2
